GEM
  remote: https://rubygems.org/
  remote: https://gems.livingsocial.net/
  specs:
    excon (0.49.0)
    faraday (0.9.2)
      multipart-post (>= 1.2, < 3)
    faraday_middleware (0.10.0)
      faraday (>= 0.7.4, < 0.10)
    imprint (1.5.0)
    json (1.8.3)
    ls-api_client (2.7.0)
      excon
      faraday (~> 0.9)
      faraday_middleware (~> 0.9)
      imprint (>= 1.4.2)
      json
    multipart-post (2.0.0)
    rack (1.4.1)

PLATFORMS
  ruby

DEPENDENCIES
  ls-api_client (= 2.7.0)
  rack (= 1.4.1)

BUNDLED WITH
   1.11.2
