GEM
  remote: https://rubygems.org/
  remote: https://gems.livingsocial.net/
  specs:
    hashie (3.4.4)
    json (1.8.3)
    ls-api-client (1.7.2)
      hashie (>= 1.2.0)
      json
      rest-client (~> 1.6.7)
    mime-types (1.25.1)
    rack (1.4.1)
    rest-client (1.6.9)
      mime-types (~> 1.16)

PLATFORMS
  ruby

DEPENDENCIES
  ls-api-client (= 1.7.2)
  rack (= 1.4.1)

BUNDLED WITH
   1.11.2
